PATH
  remote: vendor/pulseaudio-ffi-ruby
  specs:
    pulseaudio-ffi-ruby (0.0.0)

GEM
  remote: https://rubygems.org/
  specs:
    awesome_print_motion (0.1.0)
    colorize (0.5.8)
    motion-bundler (0.2.1)
      thor
    motion-colorize (1.0)
      colorize (~> 0.5.8)
    motion.h (0.0.3)
    rake (10.1.1)
    teacup (2.1.13)
    thor (0.18.1)

PLATFORMS
  ruby

DEPENDENCIES
  awesome_print_motion (~> 0.1.0)
  motion-bundler
  motion-colorize (~> 1.0)
  motion.h
  pulseaudio-ffi-ruby!
  rake (~> 10.1.1)
  teacup (~> 2.1.13)
