GEM
  remote: https://rubygems.org/
  specs:
    awesome_print_motion (0.1.0)
    colorize (0.5.8)
    motion-colorize (1.0)
      colorize (~> 0.5.8)
    rake (10.1.1)
    sugarcube (1.3.11)
    teacup (2.1.13)

PLATFORMS
  ruby

DEPENDENCIES
  awesome_print_motion (~> 0.1.0)
  motion-colorize (~> 1.0)
  rake (~> 10.1.1)
  sugarcube (~> 1.3.11)
  teacup (~> 2.1.13)
